{
	"TaskName": "imagery",
	"Manufacturer": "Brain Products",
	"PowerLineFrequency": 50.0,
	"SamplingFrequency": 500.0,
	"SoftwareFilters": "n/a",
	"RecordingDuration": 3009.318,
	"RecordingType": "continuous",
	"EEGReference": "Cz",
	"EEGGround": "n/a",
	"EEGPlacementScheme": "10-20 system",
	"EEGChannelCount": 128,
	"EOGChannelCount": 0,
	"ECGChannelCount": 0,
	"EMGChannelCount": 0,
	"TriggerChannelCount": 0,
	"ManufacturersModelName": "BrainAmp",
	"HardwareFilters": {
		"HardwareFilter": {
			"highpass_time_constant_s": 10
		}
	},
	"TaskDescription": "[motor_imagery] two-class motor imagery with arrow cues Trial duration: 10s, cue: 7.0s, imagery: 7.0s.",
	"Instructions": "Subjects were instructed to perform haptic motor imagery of the left or the right hand during display of the arrow, as indicated by the direction of the arrow",
	"CogAtlasID": "https://www.cognitiveatlas.org/task/id/trm_4c8a834779883/",
	"InstitutionName": "Technische Universit\u00e4t M\u00fcnchen",
	"InstitutionAddress": "DE",
	"InstitutionalDepartmentName": "Institute of Automatic Control Engineering (LSR)",
	"CapManufacturer": "n/a",
	"CapManufacturersModelName": "n/a",
	"SubjectArtefactDescription": "Impedance kept below 10 kOhm",
	"DeviceSerialNumber": "n/a",
	"Description": "EEG recording.",
	"MISCChannelCount": 0
}